GEM
  remote: https://rubygems.org/
  specs:
    atk (3.2.5)
      glib2 (= 3.2.5)
    cairo (1.15.13)
      native-package-installer (>= 1.0.3)
      pkg-config (>= 1.2.2)
    cairo-gobject (3.2.5)
      cairo
      glib2 (= 3.2.5)
    gdk3 (3.2.5)
      cairo-gobject (= 3.2.5)
      gdk_pixbuf2 (= 3.2.5)
      gobject-introspection (= 3.2.5)
      pango (= 3.2.5)
    gdk_pixbuf2 (3.2.5)
      gio2 (= 3.2.5)
    gio2 (3.2.5)
      glib2 (= 3.2.5)
      gobject-introspection (= 3.2.5)
    glib2 (3.2.5)
      native-package-installer (>= 1.0.3)
      pkg-config (>= 1.2.2)
    gobject-introspection (3.2.5)
      glib2 (= 3.2.5)
    gtk3 (3.2.5)
      atk (= 3.2.5)
      gdk3 (= 3.2.5)
      gdk_pixbuf2 (= 3.2.5)
      gio2 (= 3.2.5)
      glib2 (= 3.2.5)
      gobject-introspection (= 3.2.5)
      pango (= 3.2.5)
    native-package-installer (1.0.6)
    pango (3.2.5)
      cairo (>= 1.14.0)
      cairo-gobject (= 3.2.5)
      gobject-introspection (= 3.2.5)
    pkg-config (1.3.1)
    rake (12.3.1)

PLATFORMS
  ruby

DEPENDENCIES
  gtk3
  rake

BUNDLED WITH
   1.16.1
